PATH
  remote: .
  specs:
    simple_upnp (0.0.5)
      nori (~> 2.6)

GEM
  remote: https://rubygems.org/
  specs:
    diff-lcs (1.1.3)
    nori (2.6.0)
    rspec (2.12.0)
      rspec-core (~> 2.12.0)
      rspec-expectations (~> 2.12.0)
      rspec-mocks (~> 2.12.0)
    rspec-core (2.12.2)
    rspec-expectations (2.12.1)
      diff-lcs (~> 1.1.3)
    rspec-mocks (2.12.1)

PLATFORMS
  ruby

DEPENDENCIES
  rspec (~> 2.12)
  simple_upnp!
